NUGET
  remote: http://www.nuget.org/api/v2
    FAKE (4.54)
    FAKE.Dotnet (2.0)
    NuGet.CommandLine (4.5.1)
    Steinpilz.DevFlow.Fake (1.3)
    xunit.runner.console (2.2)
